GIT
  remote: https://onlyoffice-deploy-robot:0edf0d5c0e8cf35fb1fc24b0b5e20fe410ac0e6d@github.com/ONLYOFFICE/ooxml_parser
  revision: bf95ca8f94316f691ccd29355be88eae8a8c71f1
  specs:
    ooxml_parser (0.1.0)
      nokogiri (~> 1.6)
      rubyzip (~> 1.1)
      xml-simple (~> 1.1)

GEM
  remote: https://rubygems.org/
  specs:
    ast (2.2.0)
    childprocess (0.5.9)
      ffi (~> 1.0, >= 1.0.11)
    diff-lcs (1.2.5)
    ffi (1.9.10)
    iniparse (1.4.2)
    mini_portile2 (2.0.0)
    nokogiri (1.6.7.2)
      mini_portile2 (~> 2.0.0.rc2)
    overcommit (0.33.0)
      childprocess (~> 0.5.8)
      iniparse (~> 1.4)
    parser (2.3.1.0)
      ast (~> 2.2)
    powerpack (0.1.1)
    rainbow (2.1.0)
    rspec (3.4.0)
      rspec-core (~> 3.4.0)
      rspec-expectations (~> 3.4.0)
      rspec-mocks (~> 3.4.0)
    rspec-core (3.4.4)
      rspec-support (~> 3.4.0)
    rspec-expectations (3.4.0)
      diff-lcs (>= 1.2.0, < 2.0)
      rspec-support (~> 3.4.0)
    rspec-mocks (3.4.1)
      diff-lcs (>= 1.2.0, < 2.0)
      rspec-support (~> 3.4.0)
    rspec-support (3.4.1)
    rubocop (0.40.0)
      parser (>= 2.3.1.0, < 3.0)
      powerpack (~> 0.1)
      rainbow (>= 1.99.1, < 3.0)
      ruby-progressbar (~> 1.7)
      unicode-display_width (~> 1.0, >= 1.0.1)
    ruby-progressbar (1.8.0)
    rubyzip (1.2.0)
    unicode-display_width (1.0.5)
    xml-simple (1.1.5)

PLATFORMS
  ruby

DEPENDENCIES
  ooxml_parser!
  overcommit
  rspec
  rubocop

BUNDLED WITH
   1.12.2
